GEM
  remote: https://rubygems.org/
  specs:
    git (1.2.5)
    jeweler (1.5.0.pre3)
      bundler (~> 1.0.0)
      git (>= 1.2.5)
      rake
    json_pure (1.4.6)
    nokogiri (1.4.3.1)
    rack (1.2.1)
    rake (0.8.7)
    rdiscount (1.6.5)
    rspec (1.3.0)
    sinatra (1.0)
      rack (>= 1.0)
    wsoc (0.1.3)
      json_pure (~> 1.4.0)
      sinatra (~> 1.0)
    yard (0.6.1)

PLATFORMS
  ruby

DEPENDENCIES
  jeweler (~> 1.5.0.pre)
  nokogiri (>= 1.3.0)
  rake (~> 0.8.7)
  rdiscount (~> 1.6.3)
  rspec (~> 1.3.0)
  wsoc (~> 0.1.3)
  yard (~> 0.6.0)
