PATH
  remote: .
  specs:
    spidr (0.2.7)
      nokogiri (>= 1.3.0)

GEM
  remote: https://rubygems.org/
  specs:
    diff-lcs (1.1.2)
    json_pure (1.4.6)
    nokogiri (1.4.3.1)
    ore (0.2.0)
      thor (~> 0.14.3)
    ore-tasks (0.1.2)
    rack (1.2.1)
    rake (0.8.7)
    rdiscount (1.6.5)
    rspec (2.0.0)
      rspec-core (= 2.0.0)
      rspec-expectations (= 2.0.0)
      rspec-mocks (= 2.0.0)
    rspec-core (2.0.0)
    rspec-expectations (2.0.0)
      diff-lcs (>= 1.1.2)
    rspec-mocks (2.0.0)
      rspec-core (= 2.0.0)
      rspec-expectations (= 2.0.0)
    sinatra (1.0)
      rack (>= 1.0)
    thor (0.14.3)
    wsoc (0.1.3)
      json_pure (~> 1.4.0)
      sinatra (~> 1.0)
    yard (0.6.1)

PLATFORMS
  ruby

DEPENDENCIES
  bundler (~> 1.0.0)
  nokogiri (>= 1.3.0)
  ore (~> 0.2.0)
  ore-tasks (~> 0.1.2)
  rake (~> 0.8.7)
  rdiscount (~> 1.6.3)
  rspec (~> 2.0.0)
  spidr!
  wsoc (~> 0.1.3)
  yard (~> 0.6.0)
